GEM
  remote: https://rubygems.org/
  specs:
    slack-notifier (2.4.0)

PLATFORMS
  ruby

DEPENDENCIES
  slack-notifier

BUNDLED WITH
   1.13.2
